PATH
  remote: .
  specs:
    youtube_service (1.0)

GEM
  remote: https://rubygems.org/
  specs:
    rake (10.4.2)

PLATFORMS
  ruby

DEPENDENCIES
  rake
  youtube_service!
